PATH
  remote: .
  specs:
    deep_struct (1.1.0)

GEM
  remote: http://rubygems.org/
  specs:
    diff-lcs (1.1.3)
    ffi (1.0.11)
    gem-release (0.1.2)
    guard (1.0.0)
      ffi (>= 0.5.0)
      thor (~> 0.14.6)
    guard-bundler (0.1.3)
      bundler (>= 1.0.0)
      guard (>= 0.2.2)
    guard-rspec (0.6.0)
      guard (>= 0.10.0)
    rake (10.0.3)
    rspec (2.8.0)
      rspec-core (~> 2.8.0)
      rspec-expectations (~> 2.8.0)
      rspec-mocks (~> 2.8.0)
    rspec-core (2.8.0)
    rspec-expectations (2.8.0)
      diff-lcs (~> 1.1.2)
    rspec-mocks (2.8.0)
    ruby_gntp (0.3.4)
    thor (0.14.6)

PLATFORMS
  ruby

DEPENDENCIES
  deep_struct!
  gem-release
  guard
  guard-bundler
  guard-rspec
  rake
  rspec
  ruby_gntp
